GIT
  remote: https://github.com/leastbad/all_futures.git
  revision: 4a026b39c4606f24aa7c7b85b7e2856618464c59
  specs:
    all_futures (1.0.3)
      activeentity (~> 6.1)
      activemodel (>= 4.0)
      activerecord (>= 4.0)
      activesupport (>= 4.0)
      kredis (~> 1.0)

GEM
  remote: https://rubygems.org/
  specs:
    action_policy (0.6.0)
      ruby-next-core (>= 0.11.0)
    actioncable (6.1.5)
      actionpack (= 6.1.5)
      activesupport (= 6.1.5)
      nio4r (~> 2.0)
      websocket-driver (>= 0.6.1)
    actionmailbox (6.1.5)
      actionpack (= 6.1.5)
      activejob (= 6.1.5)
      activerecord (= 6.1.5)
      activestorage (= 6.1.5)
      activesupport (= 6.1.5)
      mail (>= 2.7.1)
    actionmailer (6.1.5)
      actionpack (= 6.1.5)
      actionview (= 6.1.5)
      activejob (= 6.1.5)
      activesupport (= 6.1.5)
      mail (~> 2.5, >= 2.5.4)
      rails-dom-testing (~> 2.0)
    actionpack (6.1.5)
      actionview (= 6.1.5)
      activesupport (= 6.1.5)
      rack (~> 2.0, >= 2.0.9)
      rack-test (>= 0.6.3)
      rails-dom-testing (~> 2.0)
      rails-html-sanitizer (~> 1.0, >= 1.2.0)
    actiontext (6.1.5)
      actionpack (= 6.1.5)
      activerecord (= 6.1.5)
      activestorage (= 6.1.5)
      activesupport (= 6.1.5)
      nokogiri (>= 1.8.5)
    actionview (6.1.5)
      activesupport (= 6.1.5)
      builder (~> 3.1)
      erubi (~> 1.4)
      rails-dom-testing (~> 2.0)
      rails-html-sanitizer (~> 1.1, >= 1.2.0)
    activeentity (6.1.1)
      activemodel (~> 6.0, < 7.0)
      activesupport (~> 6.0, < 7.0)
    activejob (6.1.5)
      activesupport (= 6.1.5)
      globalid (>= 0.3.6)
    activemodel (6.1.5)
      activesupport (= 6.1.5)
    activerecord (6.1.5)
      activemodel (= 6.1.5)
      activesupport (= 6.1.5)
    activestorage (6.1.5)
      actionpack (= 6.1.5)
      activejob (= 6.1.5)
      activerecord (= 6.1.5)
      activesupport (= 6.1.5)
      marcel (~> 1.0)
      mini_mime (>= 1.1.0)
    activesupport (6.1.5)
      concurrent-ruby (~> 1.0, >= 1.0.2)
      i18n (>= 1.6, < 2)
      minitest (>= 5.1)
      tzinfo (~> 2.0)
      zeitwerk (~> 2.3)
    addressable (2.8.0)
      public_suffix (>= 2.0.2, < 5.0)
    anyway_config (2.2.2)
      ruby-next-core (>= 0.11.0)
    ast (2.4.2)
    bcrypt (3.1.16)
    bindex (0.8.1)
    bootsnap (1.9.1)
      msgpack (~> 1.0)
    brakeman (5.1.2)
    builder (3.2.4)
    byebug (11.1.3)
    cable_ready (5.0.0.pre7)
      rails (>= 5.2)
      thread-local (>= 1.1.0)
    capybara (3.36.0)
      addressable
      matrix
      mini_mime (>= 0.1.3)
      nokogiri (~> 1.8)
      rack (>= 1.6.0)
      rack-test (>= 0.6.3)
      regexp_parser (>= 1.5, < 3.0)
      xpath (~> 3.2)
    cliver (0.3.2)
    concurrent-ruby (1.1.9)
    connection_pool (2.2.5)
    crack (0.4.5)
      rexml
    crass (1.0.6)
    cuprite (0.13)
      capybara (>= 2.1, < 4)
      ferrum (~> 0.11.0)
    devise (4.8.1)
      bcrypt (~> 3.0)
      orm_adapter (~> 0.1)
      railties (>= 4.1.0)
      responders
      warden (~> 1.2.3)
    dry-cli (0.7.0)
    dry-initializer (3.0.4)
    dry-initializer-rails (3.1.1)
      dry-initializer (>= 2.4, < 4)
      rails (> 3.0)
    erubi (1.10.0)
    evil_systems (0.1.3)
      capybara
      zeitwerk (>= 2)
    faker (2.19.0)
      i18n (>= 1.6, < 2)
    faraday (1.8.0)
      faraday-em_http (~> 1.0)
      faraday-em_synchrony (~> 1.0)
      faraday-excon (~> 1.1)
      faraday-httpclient (~> 1.0.1)
      faraday-net_http (~> 1.0)
      faraday-net_http_persistent (~> 1.1)
      faraday-patron (~> 1.0)
      faraday-rack (~> 1.0)
      multipart-post (>= 1.2, < 3)
      ruby2_keywords (>= 0.0.4)
    faraday-em_http (1.0.0)
    faraday-em_synchrony (1.0.0)
    faraday-excon (1.1.0)
    faraday-httpclient (1.0.1)
    faraday-net_http (1.0.1)
    faraday-net_http_persistent (1.2.0)
    faraday-patron (1.0.0)
    faraday-rack (1.0.0)
    ferrum (0.11)
      addressable (~> 2.5)
      cliver (~> 0.3)
      concurrent-ruby (~> 1.1)
      websocket-driver (>= 0.6, < 0.8)
    ffi (1.15.4)
    globalid (1.0.0)
      activesupport (>= 5.0)
    hashdiff (1.0.1)
    i18n (1.10.0)
      concurrent-ruby (~> 1.0)
    image_processing (1.12.1)
      mini_magick (>= 4.9.5, < 5)
      ruby-vips (>= 2.0.17, < 3)
    jbuilder (2.11.3)
      activesupport (>= 5.0.0)
    jwt (2.3.0)
    kredis (1.0.1)
      activesupport (>= 6.0.0)
      redis (~> 4.2)
    listen (3.7.0)
      rb-fsevent (~> 0.10, >= 0.10.3)
      rb-inotify (~> 0.9, >= 0.9.10)
    loofah (2.14.0)
      crass (~> 1.0.2)
      nokogiri (>= 1.5.9)
    mail (2.7.1)
      mini_mime (>= 0.1.1)
    marcel (1.0.2)
    matrix (0.4.2)
    memory_profiler (1.0.0)
    method_source (1.0.0)
    mini_magick (4.11.0)
    mini_mime (1.1.2)
    minitest (5.15.0)
    msgpack (1.4.2)
    multi_json (1.15.0)
    multi_xml (0.6.0)
    multipart-post (2.1.1)
    nio4r (2.5.8)
    nokogiri (1.13.3-x86_64-darwin)
      racc (~> 1.4)
    nokogiri (1.13.3-x86_64-linux)
      racc (~> 1.4)
    oauth2 (1.4.7)
      faraday (>= 0.8, < 2.0)
      jwt (>= 1.0, < 3.0)
      multi_json (~> 1.3)
      multi_xml (~> 0.5)
      rack (>= 1.2, < 3)
    orm_adapter (0.5.0)
    parallel (1.21.0)
    parser (3.0.2.0)
      ast (~> 2.4.1)
    pg (1.2.3)
    public_suffix (4.0.6)
    puma (5.5.2)
      nio4r (~> 2.0)
    racc (1.6.0)
    rack (2.2.3)
    rack-mini-profiler (2.3.3)
      rack (>= 1.2.0)
    rack-proxy (0.7.0)
      rack
    rack-test (1.1.0)
      rack (>= 1.0, < 3)
    rails (6.1.5)
      actioncable (= 6.1.5)
      actionmailbox (= 6.1.5)
      actionmailer (= 6.1.5)
      actionpack (= 6.1.5)
      actiontext (= 6.1.5)
      actionview (= 6.1.5)
      activejob (= 6.1.5)
      activemodel (= 6.1.5)
      activerecord (= 6.1.5)
      activestorage (= 6.1.5)
      activesupport (= 6.1.5)
      bundler (>= 1.15.0)
      railties (= 6.1.5)
      sprockets-rails (>= 2.0.0)
    rails-dom-testing (2.0.3)
      activesupport (>= 4.2.0)
      nokogiri (>= 1.6)
    rails-html-sanitizer (1.4.2)
      loofah (~> 2.3)
    railties (6.1.5)
      actionpack (= 6.1.5)
      activesupport (= 6.1.5)
      method_source
      rake (>= 12.2)
      thor (~> 1.0)
    rainbow (3.0.0)
    rake (13.0.6)
    rb-fsevent (0.11.0)
    rb-inotify (0.10.1)
      ffi (~> 1.0)
    redis (4.6.0)
    redis-session-store (0.11.4)
      actionpack (>= 3, < 8)
      redis (>= 3, < 5)
    regexp_parser (2.1.1)
    responders (3.0.1)
      actionpack (>= 5.0)
      railties (>= 5.0)
    rexml (3.2.5)
    rubocop (1.22.3)
      parallel (~> 1.10)
      parser (>= 3.0.0.0)
      rainbow (>= 2.2.2, < 4.0)
      regexp_parser (>= 1.8, < 3.0)
      rexml
      rubocop-ast (>= 1.12.0, < 2.0)
      ruby-progressbar (~> 1.7)
      unicode-display_width (>= 1.4.0, < 3.0)
    rubocop-ast (1.13.0)
      parser (>= 3.0.1.1)
    rubocop-performance (1.11.5)
      rubocop (>= 1.7.0, < 2.0)
      rubocop-ast (>= 0.4.0)
    ruby-next-core (0.13.1)
    ruby-prof (0.18.0)
    ruby-progressbar (1.11.0)
    ruby-vips (2.1.3)
      ffi (~> 1.12)
    ruby2_keywords (0.0.5)
    sidekiq (6.3.1)
      connection_pool (>= 2.2.2)
      rack (~> 2.0)
      redis (>= 4.2.0)
    sprockets (4.0.3)
      concurrent-ruby (~> 1.0)
      rack (> 1, < 3)
    sprockets-rails (3.4.2)
      actionpack (>= 5.2)
      activesupport (>= 5.2)
      sprockets (>= 3.0.0)
    stackprof (0.2.17)
    standard (1.4.0)
      rubocop (= 1.22.3)
      rubocop-performance (= 1.11.5)
    standardrb (1.0.0)
      standard
    stimulus_reflex (3.5.0.pre7)
      cable_ready (= 5.0.0.pre7)
      nokogiri
      rack
      rails (>= 5.2)
      redis
    thor (1.2.1)
    thread-local (1.1.0)
    turbo-rails (0.8.3)
      rails (>= 6.0.0)
    tzinfo (2.0.4)
      concurrent-ruby (~> 1.0)
    unicode-display_width (2.1.0)
    view_component (2.45.0)
      activesupport (>= 5.0.0, < 8.0)
      method_source (~> 1.0)
    vite_rails (3.0.2)
      railties (>= 5.1, < 8)
      vite_ruby (~> 3.0)
    vite_ruby (3.0.5)
      dry-cli (~> 0.7.0)
      rack-proxy (~> 0.6, >= 0.6.1)
      zeitwerk (~> 2.2)
    warden (1.2.9)
      rack (>= 2.0.9)
    web-console (4.2.0)
      actionview (>= 6.0.0)
      activemodel (>= 6.0.0)
      bindex (>= 0.4.0)
      railties (>= 6.0.0)
    webmock (3.14.0)
      addressable (>= 2.8.0)
      crack (>= 0.3.2)
      hashdiff (>= 0.4.0, < 2.0.0)
    websocket-driver (0.7.5)
      websocket-extensions (>= 0.1.0)
    websocket-extensions (0.1.5)
    xpath (3.2.0)
      nokogiri (~> 1.8)
    zeitwerk (2.5.4)

PLATFORMS
  x86_64-darwin-20
  x86_64-linux

DEPENDENCIES
  action_policy (~> 0.5)
  all_futures!
  anyway_config (~> 2.0)
  bootsnap (~> 1.4)
  brakeman (~> 5.0)
  byebug
  cable_ready (~> 5.0.0.pre7)
  capybara (>= 3.26)
  cuprite
  devise (~> 4.8)
  dry-initializer (~> 3.0)
  dry-initializer-rails (~> 3.1)
  evil_systems
  faker (~> 2.16, >= 2.16)
  image_processing (~> 1.2)
  jbuilder (~> 2.7)
  kredis (~> 1.0)
  listen (~> 3.3)
  memory_profiler (~> 1.0)
  oauth2 (~> 1.4)
  pg (~> 1.1)
  puma (~> 5.0)
  rack-mini-profiler (~> 2.0)
  rails (~> 6.1.3)
  redis (~> 4.0)
  redis-session-store (~> 0.11)
  ruby-prof (~> 0.16)
  sidekiq (~> 6.3)
  stackprof (~> 0.2)
  standardrb (~> 1.0)
  stimulus_reflex (~> 3.5.0.pre7)
  turbo-rails (~> 0.8.3)
  tzinfo-data (~> 1.0)
  view_component (~> 2.45)
  vite_rails (~> 3.0)
  web-console (>= 4.1.0)
  webmock (~> 3)

RUBY VERSION
   ruby 3.0.2p107

BUNDLED WITH
   2.2.31
